GEM
  remote: https://rubygems.org/
  specs:
    backports (3.9.1)
    byebug (11.0.1)
    coderay (1.1.2)
    debugger-ruby_core_source (1.3.8)
    method_source (0.9.2)
    multi_json (1.12.2)
    mustermann (1.0.1)
    mysql2 (0.4.9)
    pry (0.12.2)
      coderay (~> 1.1.0)
      method_source (~> 0.9.0)
    pry-byebug (3.7.0)
      byebug (~> 11.0)
      pry (~> 0.10)
    puma (3.10.0)
    rack (2.0.3)
    rack-lineprof (0.0.2)
      rack
      rblineprof (~> 0.3.1)
      term-ansicolor
    rack-protection (2.0.0)
      rack
    rblineprof (0.3.7)
      debugger-ruby_core_source (~> 1.3)
    sinatra (2.0.0)
      mustermann (~> 1.0)
      rack (~> 2.0)
      rack-protection (= 2.0.0)
      tilt (~> 2.0)
    sinatra-contrib (2.0.0)
      backports (>= 2.0)
      multi_json
      mustermann (~> 1.0)
      rack-protection (= 2.0.0)
      sinatra (= 2.0.0)
      tilt (>= 1.3, < 3)
    term-ansicolor (1.7.1)
      tins (~> 1.0)
    tilt (2.0.8)
    tins (1.21.1)

PLATFORMS
  ruby

DEPENDENCIES
  byebug
  mysql2
  pry-byebug
  puma
  rack-lineprof
  sinatra
  sinatra-contrib

BUNDLED WITH
   2.0.2
